GEM
  remote: http://rubygems.org/
  specs:
    htmlentities (4.3.1)

PLATFORMS
  ruby

DEPENDENCIES
  htmlentities (~> 4.3.1)
